GEM
  remote: https://rubygems.org/
  specs:
    thor (1.3.2)

PLATFORMS
  x64-mingw-ucrt

DEPENDENCIES
  thor

BUNDLED WITH
   2.6.2
