GEM
  remote: https://rubygems.org/
  specs:
    chunky_png (1.4.0)
    hashie (5.0.0)
    mittsu (0.5.0)
      chunky_png
    observer (0.1.2)
    pkg-config (1.5.9)
    rmagick (6.1.0)
      observer (~> 0.1)
      pkg-config (~> 1.4)
    thor (1.3.2)

PLATFORMS
  x64-mingw-ucrt

DEPENDENCIES
  hashie
  mittsu
  rmagick (~> 6.1.0)
  thor

BUNDLED WITH
   2.6.2
